GEM
  remote: https://rubygems.org/
  specs:
    actioncable (5.1.0)
      actionpack (= 5.1.0)
      nio4r (~> 2.0)
      websocket-driver (~> 0.6.1)
    actionmailer (5.1.0)
      actionpack (= 5.1.0)
      actionview (= 5.1.0)
      activejob (= 5.1.0)
      mail (~> 2.5, >= 2.5.4)
      rails-dom-testing (~> 2.0)
    actionpack (5.1.0)
      actionview (= 5.1.0)
      activesupport (= 5.1.0)
      rack (~> 2.0)
      rack-test (~> 0.6.3)
      rails-dom-testing (~> 2.0)
      rails-html-sanitizer (~> 1.0, >= 1.0.2)
    actionview (5.1.0)
      activesupport (= 5.1.0)
      builder (~> 3.1)
      erubi (~> 1.4)
      rails-dom-testing (~> 2.0)
      rails-html-sanitizer (~> 1.0, >= 1.0.3)
    active_model_serializers (0.10.5)
      actionpack (>= 4.1, < 6)
      activemodel (>= 4.1, < 6)
      case_transform (>= 0.2)
      jsonapi-renderer (>= 0.1.1.beta1, < 0.2)
    activejob (5.1.0)
      activesupport (= 5.1.0)
      globalid (>= 0.3.6)
    activemodel (5.1.0)
      activesupport (= 5.1.0)
    activerecord (5.1.0)
      activemodel (= 5.1.0)
      activesupport (= 5.1.0)
      arel (~> 8.0)
    activesupport (5.1.0)
      concurrent-ruby (~> 1.0, >= 1.0.2)
      i18n (~> 0.7)
      minitest (~> 5.1)
      tzinfo (~> 1.1)
    addressable (2.5.1)
      public_suffix (~> 2.0, >= 2.0.2)
    arel (8.0.0)
    awesome_print (1.7.0)
    bindex (0.5.0)
    binding_of_caller (0.7.2)
      debug_inspector (>= 0.0.1)
    builder (3.2.3)
    bundler-audit (0.5.0)
      bundler (~> 1.2)
      thor (~> 0.18)
    capybara (2.13.0)
      addressable
      mime-types (>= 1.16)
      nokogiri (>= 1.3.3)
      rack (>= 1.0.0)
      rack-test (>= 0.5.4)
      xpath (~> 2.0)
    case_transform (0.2)
      activesupport
    cliver (0.3.2)
    coderay (1.1.1)
    concurrent-ruby (1.0.5)
    debug_inspector (0.0.2)
    erubi (1.6.0)
    execjs (2.7.0)
    ffi (1.9.18)
    globalid (0.4.0)
      activesupport (>= 4.2.0)
    i18n (0.8.1)
    jsonapi-renderer (0.1.2)
    listen (3.1.5)
      rb-fsevent (~> 0.9, >= 0.9.4)
      rb-inotify (~> 0.9, >= 0.9.7)
      ruby_dep (~> 1.2)
    loofah (2.0.3)
      nokogiri (>= 1.5.9)
    mail (2.6.5)
      mime-types (>= 1.16, < 4)
    method_source (0.8.2)
    mime-types (3.1)
      mime-types-data (~> 3.2015)
    mime-types-data (3.2016.0521)
    mini_portile2 (2.1.0)
    minitest (5.10.1)
    minitest-rails (3.0.0)
      minitest (~> 5.8)
      railties (~> 5.0)
    minitest-stub_any_instance (1.0.1)
    multi_json (1.12.1)
    nio4r (2.0.0)
    nokogiri (1.7.1)
      mini_portile2 (~> 2.1.0)
    pg (0.20.0)
    poltergeist (1.14.0)
      capybara (~> 2.1)
      cliver (~> 0.3.1)
      websocket-driver (>= 0.2.0)
    pry (0.10.4)
      coderay (~> 1.1.0)
      method_source (~> 0.8.1)
      slop (~> 3.4)
    pry-awesome_print (9.6.11)
      awesome_print (>= 1.1.0, < 999)
      pry (>= 0.9.0, < 999)
    pry-rails (0.3.6)
      pry (>= 0.10.4)
    pry-remote (0.1.8)
      pry (~> 0.9)
      slop (~> 3.0)
    pry-stack_explorer (0.4.9.2)
      binding_of_caller (>= 0.7)
      pry (>= 0.9.11)
    public_suffix (2.0.5)
    puma (3.8.2)
    rack (2.0.1)
    rack-test (0.6.3)
      rack (>= 1.0)
    rails (5.1.0)
      actioncable (= 5.1.0)
      actionmailer (= 5.1.0)
      actionpack (= 5.1.0)
      actionview (= 5.1.0)
      activejob (= 5.1.0)
      activemodel (= 5.1.0)
      activerecord (= 5.1.0)
      activesupport (= 5.1.0)
      bundler (>= 1.3.0, < 2.0)
      railties (= 5.1.0)
      sprockets-rails (>= 2.0.0)
    rails-dom-testing (2.0.2)
      activesupport (>= 4.2.0, < 6.0)
      nokogiri (~> 1.6)
    rails-html-sanitizer (1.0.3)
      loofah (~> 2.0)
    railties (5.1.0)
      actionpack (= 5.1.0)
      activesupport (= 5.1.0)
      method_source
      rake (>= 0.8.7)
      thor (>= 0.18.1, < 2.0)
    rake (12.0.0)
    rb-fsevent (0.9.8)
    rb-inotify (0.9.8)
      ffi (>= 0.5.0)
    ruby_dep (1.5.0)
    sass (3.4.23)
    sass-rails (5.0.6)
      railties (>= 4.0.0, < 6)
      sass (~> 3.1)
      sprockets (>= 2.8, < 4.0)
      sprockets-rails (>= 2.0, < 4.0)
      tilt (>= 1.1, < 3)
    slim (3.0.7)
      temple (~> 0.7.6)
      tilt (>= 1.3.3, < 2.1)
    slop (3.6.0)
    spring (2.0.1)
      activesupport (>= 4.2)
    spring-watcher-listen (2.0.1)
      listen (>= 2.7, < 4.0)
      spring (>= 1.2, < 3.0)
    sprockets (3.7.1)
      concurrent-ruby (~> 1.0)
      rack (> 1, < 3)
    sprockets-rails (3.2.0)
      actionpack (>= 4.0)
      activesupport (>= 4.0)
      sprockets (>= 3.0.0)
    temple (0.7.7)
    thor (0.19.4)
    thread_safe (0.3.6)
    tilt (2.0.7)
    turbolinks (5.0.1)
      turbolinks-source (~> 5)
    turbolinks-source (5.0.0)
    tzinfo (1.2.3)
      thread_safe (~> 0.1)
    uglifier (3.2.0)
      execjs (>= 0.3.0, < 3)
    web-console (3.5.0)
      actionview (>= 5.0)
      activemodel (>= 5.0)
      bindex (>= 0.4.0)
      railties (>= 5.0)
    webpacker (1.2)
      activesupport (>= 4.2)
      multi_json (~> 1.2)
      railties (>= 4.2)
    websocket-driver (0.6.5)
      websocket-extensions (>= 0.1.0)
    websocket-extensions (0.1.2)
    xpath (2.0.0)
      nokogiri (~> 1.3)

PLATFORMS
  ruby

DEPENDENCIES
  active_model_serializers (~> 0.9)
  bundler-audit
  capybara
  listen
  minitest-rails
  minitest-stub_any_instance
  pg (~> 0.18)
  poltergeist
  pry-awesome_print
  pry-rails
  pry-remote
  pry-stack_explorer
  puma (~> 3.7)
  rails (~> 5.1.0)
  sass-rails (~> 5.0)
  slim (~> 3.0)
  spring
  spring-watcher-listen
  turbolinks (~> 5.0)
  uglifier (>= 1.3)
  web-console
  webpacker (~> 1.2)

BUNDLED WITH
   1.13.6
